PATH
  remote: .
  specs:
    omniauth-identity (1.0.0.beta1)
      omniauth (= 1.0.0.beta1)

GEM
  remote: http://rubygems.org/
  specs:
    activemodel (3.0.10)
      activesupport (= 3.0.10)
      builder (~> 2.1.2)
      i18n (~> 0.5.0)
    activerecord (3.0.10)
      activemodel (= 3.0.10)
      activesupport (= 3.0.10)
      arel (~> 2.0.10)
      tzinfo (~> 0.3.23)
    activesupport (3.0.10)
    arel (2.0.10)
    bcrypt-ruby (2.1.4)
    builder (2.1.2)
    diff-lcs (1.1.3)
    growl (1.0.3)
    guard (0.8.4)
      thor (~> 0.14.6)
    guard-bundler (0.1.3)
      bundler (>= 1.0.0)
      guard (>= 0.2.2)
    guard-rspec (0.4.5)
      guard (>= 0.4.0)
    hashie (1.2.0)
    i18n (0.5.0)
    maruku (0.6.0)
      syntax (>= 1.0.0)
    multi_json (1.0.3)
    omniauth (1.0.0.beta1)
      hashie (~> 1.2)
      rack
    rack (1.3.5)
    rack-test (0.6.1)
      rack (>= 1.0)
    rake (0.9.2)
    rb-fsevent (0.4.3.1)
    rspec (2.6.0)
      rspec-core (~> 2.6.0)
      rspec-expectations (~> 2.6.0)
      rspec-mocks (~> 2.6.0)
    rspec-core (2.6.4)
    rspec-expectations (2.6.0)
      diff-lcs (~> 1.1.2)
    rspec-mocks (2.6.0)
    simplecov (0.5.3)
      multi_json (~> 1.0.3)
      simplecov-html (~> 0.5.3)
    simplecov-html (0.5.3)
    syntax (1.0.0)
    thor (0.14.6)
    tzinfo (0.3.30)

PLATFORMS
  ruby

DEPENDENCIES
  activerecord (~> 3.0)
  bcrypt-ruby (~> 2.1.4)
  growl
  guard
  guard-bundler
  guard-rspec
  maruku (~> 0.6)
  omniauth-identity!
  rack-test (~> 0.5)
  rake (~> 0.8)
  rb-fsevent
  rspec (~> 2.5)
  simplecov (~> 0.4)
